GEM
  remote: https://rubygems.org/
  specs:
    bcrypt (3.1.7)
    diff-lcs (1.2.5)
    rspec (3.0.0)
      rspec-core (~> 3.0.0)
      rspec-expectations (~> 3.0.0)
      rspec-mocks (~> 3.0.0)
    rspec-core (3.0.1)
      rspec-support (~> 3.0.0)
    rspec-expectations (3.0.1)
      diff-lcs (>= 1.2.0, < 2.0)
      rspec-support (~> 3.0.0)
    rspec-mocks (3.0.1)
      rspec-support (~> 3.0.0)
    rspec-support (3.0.0)
    sequel (4.13.0)
    sequel_secure_password (0.2.8)
      bcrypt (>= 3.1, < 4.0)
      sequel (>= 4.1.0, < 5.0)
    sqlite3 (1.3.9)

PLATFORMS
  ruby

DEPENDENCIES
  rspec
  sequel
  sequel_secure_password
  sqlite3
